PATH
  remote: .
  specs:
    80ae2fe5c929b7d0a00bdee2d710fa9e (0.0.2)

GEM
  remote: http://rubygems.org/
  specs:

PLATFORMS
  ruby

DEPENDENCIES
  80ae2fe5c929b7d0a00bdee2d710fa9e!
